GIT
  remote: git://github.com/adaoraul/rack-jekyll.git
  revision: 0d482e421eefd29802dbbf3248dd4db501e59bef
  specs:
    rack-jekyll (0.4.0)
      jekyll (~> 0.11.0)
      rack (~> 1.4.1)

GEM
  remote: http://rubygems.org/
  specs:
    albino (1.3.3)
      posix-spawn (>= 0.3.6)
    classifier (1.3.3)
      fast-stemmer (>= 1.0.0)
    daemons (1.1.9)
    directory_watcher (1.4.1)
    eventmachine (0.12.10)
    fast-stemmer (1.0.1)
    jekyll (0.11.2)
      albino (~> 1.3)
      classifier (~> 1.3)
      directory_watcher (~> 1.1)
      kramdown (~> 0.13)
      liquid (~> 2.3)
      maruku (~> 0.5)
    kramdown (0.13.7)
    liquid (2.4.1)
    maruku (0.6.0)
      syntax (>= 1.0.0)
    posix-spawn (0.3.6)
    rack (1.4.1)
    rack-rewrite (1.2.1)
    rdiscount (1.6.8)
    syntax (1.0.0)
    thin (1.4.1)
      daemons (>= 1.0.9)
      eventmachine (>= 0.12.6)
      rack (>= 1.0.0)

PLATFORMS
  ruby

DEPENDENCIES
  jekyll
  liquid
  rack-jekyll!
  rack-rewrite
  rdiscount
  thin
