GEM
  remote: http://rubygems.org/
  specs:
    classifier (1.3.3)
      fast-stemmer (>= 1.0.0)
    daemons (1.1.9)
    directory_watcher (1.4.1)
    eventmachine (0.12.10)
    fast-stemmer (1.0.1)
    jekyll (0.6.2)
      classifier (>= 1.3.1)
      directory_watcher (>= 1.1.1)
      liquid (>= 1.9.0)
      maruku (>= 0.5.9)
    liquid (2.4.1)
    maruku (0.6.0)
      syntax (>= 1.0.0)
    rack (1.2.5)
    rack-jekyll (0.3.7)
      jekyll (~> 0.6.2)
      rack (~> 1.2.1)
    rack-rewrite (1.2.1)
    rdiscount (1.6.8)
    syntax (1.0.0)
    thin (1.4.1)
      daemons (>= 1.0.9)
      eventmachine (>= 0.12.6)
      rack (>= 1.0.0)

PLATFORMS
  ruby

DEPENDENCIES
  jekyll
  liquid
  rack-jekyll
  rack-rewrite
  rdiscount
  thin
